GEM
  remote: https://rubygems.org/
  specs:
    actioncable (6.0.0)
      actionpack (= 6.0.0)
      nio4r (~> 2.0)
      websocket-driver (>= 0.6.1)
    actionmailbox (6.0.0)
      actionpack (= 6.0.0)
      activejob (= 6.0.0)
      activerecord (= 6.0.0)
      activestorage (= 6.0.0)
      activesupport (= 6.0.0)
      mail (>= 2.7.1)
    actionmailer (6.0.0)
      actionpack (= 6.0.0)
      actionview (= 6.0.0)
      activejob (= 6.0.0)
      mail (~> 2.5, >= 2.5.4)
      rails-dom-testing (~> 2.0)
    actionpack (6.0.0)
      actionview (= 6.0.0)
      activesupport (= 6.0.0)
      rack (~> 2.0)
      rack-test (>= 0.6.3)
      rails-dom-testing (~> 2.0)
      rails-html-sanitizer (~> 1.0, >= 1.2.0)
    actiontext (6.0.0)
      actionpack (= 6.0.0)
      activerecord (= 6.0.0)
      activestorage (= 6.0.0)
      activesupport (= 6.0.0)
      nokogiri (>= 1.8.5)
    actionview (6.0.0)
      activesupport (= 6.0.0)
      builder (~> 3.1)
      erubi (~> 1.4)
      rails-dom-testing (~> 2.0)
      rails-html-sanitizer (~> 1.1, >= 1.2.0)
    active_type (1.3.0)
      activerecord (>= 3.2)
    activejob (6.0.0)
      activesupport (= 6.0.0)
      globalid (>= 0.3.6)
    activemodel (6.0.0)
      activesupport (= 6.0.0)
    activerecord (6.0.0)
      activemodel (= 6.0.0)
      activesupport (= 6.0.0)
    activestorage (6.0.0)
      actionpack (= 6.0.0)
      activejob (= 6.0.0)
      activerecord (= 6.0.0)
      marcel (~> 0.3.1)
    activesupport (6.0.0)
      concurrent-ruby (~> 1.0, >= 1.0.2)
      i18n (>= 0.7, < 2)
      minitest (~> 5.1)
      tzinfo (~> 1.1)
      zeitwerk (~> 2.1, >= 2.1.8)
    addressable (2.7.0)
      public_suffix (>= 2.0.2, < 5.0)
    annotate (3.0.2)
      activerecord (>= 3.2, < 7.0)
      rake (>= 10.4, < 13.0)
    archive-zip (0.12.0)
      io-like (~> 0.3.0)
    ast (2.4.0)
    autoprefixer-rails (9.6.1.1)
      execjs
    awesome_print (1.8.0)
    bcrypt (3.1.13)
    better_errors (2.5.1)
      coderay (>= 1.0.0)
      erubi (>= 1.0.0)
      rack (>= 0.9.0)
    binding_of_caller (0.8.0)
      debug_inspector (>= 0.0.1)
    bootsnap (1.4.5)
      msgpack (~> 1.0)
    bootstrap-sass (3.4.1)
      autoprefixer-rails (>= 5.2.1)
      sassc (>= 2.0.0)
    bootstrap_form (2.7.0)
    brakeman (4.6.1)
    builder (3.2.3)
    bundler-audit (0.6.1)
      bundler (>= 1.2.0, < 3)
      thor (~> 0.18)
    capybara (3.29.0)
      addressable
      mini_mime (>= 0.1.3)
      nokogiri (~> 1.8)
      rack (>= 1.6.0)
      rack-test (>= 0.6.3)
      regexp_parser (~> 1.5)
      xpath (~> 3.2)
    childprocess (2.0.0)
      rake (< 13.0)
    chromedriver-helper (2.1.1)
      archive-zip (~> 0.10)
      nokogiri (~> 1.8)
    coderay (1.1.2)
    coffee-rails (4.2.2)
      coffee-script (>= 2.2.0)
      railties (>= 4.0.0)
    coffee-script (2.4.1)
      coffee-script-source
      execjs
    coffee-script-source (1.12.2)
    concurrent-ruby (1.1.5)
    connection_pool (2.2.2)
    crass (1.0.4)
    debug_inspector (0.0.3)
    docile (1.3.2)
    dotenv (2.7.5)
    dotenv-rails (2.7.5)
      dotenv (= 2.7.5)
      railties (>= 3.2, < 6.1)
    em-websocket (0.5.1)
      eventmachine (>= 0.12.9)
      http_parser.rb (~> 0.6.0)
    erubi (1.9.0)
    erubis (2.7.0)
    eventmachine (1.2.7)
    execjs (2.7.0)
    faraday (0.15.4)
      multipart-post (>= 1.2, < 3)
    ffi (1.11.1)
    font-awesome-rails (4.7.0.5)
      railties (>= 3.2, < 6.1)
    formatador (0.2.5)
    globalid (0.4.2)
      activesupport (>= 4.2.0)
    guard (2.15.1)
      formatador (>= 0.2.4)
      listen (>= 2.7, < 4.0)
      lumberjack (>= 1.0.12, < 2.0)
      nenv (~> 0.1)
      notiffany (~> 0.0)
      pry (>= 0.9.12)
      shellany (~> 0.0)
      thor (>= 0.18.1)
    guard-compat (1.2.1)
    guard-livereload (2.5.2)
      em-websocket (~> 0.5)
      guard (~> 2.8)
      guard-compat (~> 1.0)
      multi_json (~> 1.8)
    guard-minitest (2.4.6)
      guard-compat (~> 1.2)
      minitest (>= 3.0)
    haml (5.1.2)
      temple (>= 0.8.0)
      tilt
    haml-rails (1.0.0)
      actionpack (>= 4.0.1)
      activesupport (>= 4.0.1)
      haml (>= 4.0.6, < 6.0)
      html2haml (>= 1.0.1)
      railties (>= 4.0.1)
    html2haml (2.2.0)
      erubis (~> 2.7.0)
      haml (>= 4.0, < 6)
      nokogiri (>= 1.6.0)
      ruby_parser (~> 3.5)
    http_parser.rb (0.6.0)
    i18n (1.6.0)
      concurrent-ruby (~> 1.0)
    iniparse (1.4.4)
    io-like (0.3.0)
    jaro_winkler (1.5.3)
    jquery-rails (4.3.5)
      rails-dom-testing (>= 1, < 3)
      railties (>= 4.2.0)
      thor (>= 0.14, < 2.0)
    json (2.2.0)
    launchy (2.4.3)
      addressable (~> 2.3)
    letter_opener (1.7.0)
      launchy (~> 2.2)
    listen (3.2.0)
      rb-fsevent (~> 0.10, >= 0.10.3)
      rb-inotify (~> 0.9, >= 0.9.10)
    loofah (2.3.0)
      crass (~> 1.0.2)
      nokogiri (>= 1.5.9)
    lumberjack (1.0.13)
    mail (2.7.1)
      mini_mime (>= 0.1.1)
    marcel (0.3.3)
      mimemagic (~> 0.3.2)
    marco-polo (1.2.1)
    metaclass (0.0.4)
    method_source (0.9.2)
    mimemagic (0.3.3)
    mini_mime (1.0.2)
    mini_portile2 (2.4.0)
    minitest (5.12.2)
    minitest-ci (3.4.0)
      minitest (>= 5.0.6)
    mocha (1.9.0)
      metaclass (~> 0.0.1)
    msgpack (1.3.1)
    multi_json (1.13.1)
    multipart-post (2.1.1)
    nenv (0.3.0)
    net-scp (2.0.0)
      net-ssh (>= 2.6.5, < 6.0.0)
    net-ssh (5.2.0)
    nio4r (2.5.2)
    nokogiri (1.10.8)
      mini_portile2 (~> 2.4.0)
    notiffany (0.1.3)
      nenv (~> 0.1)
      shellany (~> 0.0)
    overcommit (0.51.0)
      childprocess (>= 0.6.3, < 4)
      iniparse (~> 1.4)
    parallel (1.17.0)
    parser (2.6.4.1)
      ast (~> 2.4.0)
    pg (1.1.4)
    pgcli-rails (0.4.0)
      railties (>= 4.2.0)
    postmark (1.15.0)
      json
    postmark-rails (0.19.0)
      actionmailer (>= 3.0.0)
      postmark (~> 1.15.0)
    pry (0.12.2)
      coderay (~> 1.1.0)
      method_source (~> 0.9.0)
    public_suffix (4.0.1)
    puma (3.12.1)
    rack (2.0.7)
    rack-livereload (0.3.17)
      rack
    rack-protection (2.0.7)
      rack
    rack-test (1.1.0)
      rack (>= 1.0, < 3)
    rails (6.0.0)
      actioncable (= 6.0.0)
      actionmailbox (= 6.0.0)
      actionmailer (= 6.0.0)
      actionpack (= 6.0.0)
      actiontext (= 6.0.0)
      actionview (= 6.0.0)
      activejob (= 6.0.0)
      activemodel (= 6.0.0)
      activerecord (= 6.0.0)
      activestorage (= 6.0.0)
      activesupport (= 6.0.0)
      bundler (>= 1.3.0)
      railties (= 6.0.0)
      sprockets-rails (>= 2.0.0)
    rails-dom-testing (2.0.3)
      activesupport (>= 4.2.0)
      nokogiri (>= 1.6)
    rails-html-sanitizer (1.2.0)
      loofah (~> 2.2, >= 2.2.2)
    railties (6.0.0)
      actionpack (= 6.0.0)
      activesupport (= 6.0.0)
      method_source
      rake (>= 0.8.7)
      thor (>= 0.20.3, < 2.0)
    rainbow (3.0.0)
    rake (12.3.3)
    rb-fsevent (0.10.3)
    rb-inotify (0.10.0)
      ffi (~> 1.0)
    redis (4.1.3)
    regexp_parser (1.6.0)
    rubocop (0.75.0)
      jaro_winkler (~> 1.5.1)
      parallel (~> 1.10)
      parser (>= 2.6)
      rainbow (>= 2.2.2, < 4.0)
      ruby-progressbar (~> 1.7)
      unicode-display_width (>= 1.4.0, < 1.7)
    ruby-progressbar (1.10.1)
    ruby_parser (3.14.0)
      sexp_processor (~> 4.9)
    rubyzip (2.0.0)
    sass (3.7.4)
      sass-listen (~> 4.0.0)
    sass-listen (4.0.0)
      rb-fsevent (~> 0.9, >= 0.9.4)
      rb-inotify (~> 0.9, >= 0.9.7)
    sass-rails (5.1.0)
      railties (>= 5.2.0)
      sass (~> 3.1)
      sprockets (>= 2.8, < 4.0)
      sprockets-rails (>= 2.0, < 4.0)
      tilt (>= 1.1, < 3)
    sassc (2.2.1)
      ffi (~> 1.9)
    selenium-webdriver (3.142.5)
      childprocess (>= 0.5, < 3.0)
      rubyzip (>= 1.2.2)
    sexp_processor (4.13.0)
    shellany (0.0.1)
    shoulda-context (1.2.2)
    shoulda-matchers (4.1.2)
      activesupport (>= 4.2.0)
    sidekiq (6.0.1)
      connection_pool (>= 2.2.2)
      rack (>= 2.0.0)
      rack-protection (>= 2.0.0)
      redis (>= 4.1.0)
    simplecov (0.17.1)
      docile (~> 1.1)
      json (>= 1.8, < 3)
      simplecov-html (~> 0.10.0)
    simplecov-html (0.10.2)
    spring (2.1.0)
    spring-watcher-listen (2.0.1)
      listen (>= 2.7, < 4.0)
      spring (>= 1.2, < 3.0)
    sprockets (3.7.2)
      concurrent-ruby (~> 1.0)
      rack (> 1, < 3)
    sprockets-rails (3.2.1)
      actionpack (>= 4.0)
      activesupport (>= 4.0)
      sprockets (>= 3.0.0)
    sshkit (1.20.0)
      net-scp (>= 1.1.2)
      net-ssh (>= 2.8.0)
    temple (0.8.2)
    terminal-notifier (2.0.0)
    terminal-notifier-guard (1.7.0)
    thor (0.20.3)
    thread_safe (0.3.6)
    tilt (2.0.10)
    turbolinks (5.2.1)
      turbolinks-source (~> 5.2)
    turbolinks-source (5.2.0)
    tzinfo (1.2.5)
      thread_safe (~> 0.1)
    unicode-display_width (1.6.0)
    websocket-driver (0.7.1)
      websocket-extensions (>= 0.1.0)
    websocket-extensions (0.1.4)
    xpath (3.2.0)
      nokogiri (~> 1.8)
    xray-rails (0.3.2)
      rails (>= 3.1.0)
    zeitwerk (2.1.10)

PLATFORMS
  ruby

DEPENDENCIES
  active_type (>= 0.3.2)
  annotate (>= 2.5.0)
  autoprefixer-rails (>= 5.0.0.1)
  awesome_print
  bcrypt (~> 3.1.7)
  better_errors
  binding_of_caller
  bootsnap (>= 1.2.0)
  bootstrap-sass (~> 3.3)
  bootstrap_form (~> 2.3)
  brakeman
  bundler-audit (>= 0.5.0)
  capybara (>= 2.15)
  chromedriver-helper
  coffee-rails (~> 4.2)
  dotenv-rails (>= 2.0.0)
  faraday (~> 0.15.2)
  font-awesome-rails
  guard (>= 2.2.2)
  guard-livereload
  guard-minitest
  haml-rails (~> 1.0)
  jquery-rails
  launchy
  letter_opener
  listen (>= 3.0.5)
  mail (>= 2.6.3)
  marco-polo
  minitest-ci (>= 3.3.0)
  mocha (>= 1.4.0)
  overcommit (>= 0.37.0)
  pg (>= 0.18)
  pgcli-rails
  postmark-rails
  puma (~> 3.11)
  rack-livereload
  rails (~> 6.0.0)
  rubocop (>= 0.58.0)
  sass-rails (~> 5.0)
  selenium-webdriver
  shoulda-context
  shoulda-matchers (>= 3.0.1)
  sidekiq (>= 4.2.0)
  simplecov
  spring
  spring-watcher-listen (~> 2.0.0)
  sshkit (~> 1.16)
  terminal-notifier
  terminal-notifier-guard
  turbolinks (~> 5)
  xray-rails (>= 0.1.18)

RUBY VERSION
   ruby 2.5.0p0

BUNDLED WITH
   1.16.3
